GEM
  remote: https://rubygems.org/
  specs:
    addressable (2.7.0)
      public_suffix (>= 2.0.2, < 5.0)
    byebug (11.1.3)
    colsole (0.7.2)
    docopt (0.6.1)
    domain_name (0.5.20190701)
      unf (>= 0.0.5, < 1.0.0)
    ffi (1.15.0)
    ffi-compiler (1.0.1)
      ffi (>= 1.0.0)
      rake
    http (4.4.1)
      addressable (~> 2.3)
      http-cookie (~> 1.0)
      http-form_data (~> 2.2)
      http-parser (~> 1.2.0)
    http-cookie (1.0.3)
      domain_name (~> 0.5)
    http-form_data (2.3.0)
    http-parser (1.2.3)
      ffi-compiler (>= 1.0, < 2.0)
    lp (0.2.1)
    nokogiri (1.11.3-x86_64-linux)
      racc (~> 1.4)
    pretty_trace (0.2.5)
    public_suffix (4.0.6)
    racc (1.5.2)
    rake (13.0.3)
    runfile (0.11.2)
      colsole (~> 0.5)
      docopt (~> 0.5)
    unf (0.1.4)
      unf_ext
    unf_ext (0.0.7.7)
    webcache (0.7.0)
      http (~> 4.2)

PLATFORMS
  x86_64-linux

DEPENDENCIES
  byebug
  lp
  nokogiri
  pretty_trace
  runfile
  webcache

BUNDLED WITH
   2.2.15
